PATH
  remote: .
  specs:
    doddle (0.3.0)

GEM
  remote: https://rubygems.org/
  specs:
    minitest (5.14.2)
    rake (12.3.3)

PLATFORMS
  ruby

DEPENDENCIES
  doddle!
  minitest
  rake (~> 12.0)

BUNDLED WITH
   2.1.4
